GEM
  remote: https://rubygems.org/
  specs:
    alfred-workflow (2.0.5)
      fuzzy_match (>= 2.0.4)
      gyoku (>= 1.1.0)
      moneta (>= 0.7.19)
      nori (>= 2.3.0)
      plist (>= 3.1.0)
      terminal-notifier (>= 1.5.0)
    builder (3.2.2)
    fuzzy_match (2.1.0)
    gyoku (1.2.2)
      builder (>= 2.1.2)
    httparty (0.13.2)
      json (~> 1.8)
      multi_xml (>= 0.5.2)
    json (1.8.1)
    little-plugger (1.1.3)
    logging (1.8.2)
      little-plugger (>= 1.1.3)
      multi_json (>= 1.8.4)
    moneta (0.8.0)
    multi_json (1.10.1)
    multi_xml (0.5.5)
    nori (2.4.0)
    plist (3.1.0)
    terminal-notifier (1.6.2)

PLATFORMS
  ruby

DEPENDENCIES
  alfred-workflow (>= 1.1.1)
  httparty
  logging
  plist
