GEM
  remote: https://rubygems.org/
  specs:
<<<<<<< HEAD
<<<<<<< HEAD
    alfred-workflow (1.8.0)
      plist (>= 3.1.0)
=======
    alfred-workflow (1.2.6)
      logging (~> 1.8.0)
      plist (~> 3.1.0)
=======
    alfred-workflow (2.0.5)
      fuzzy_match (>= 2.0.4)
      gyoku (>= 1.1.0)
      moneta (>= 0.7.19)
      nori (>= 2.3.0)
      plist (>= 3.1.0)
      terminal-notifier (>= 1.5.0)
    builder (3.2.2)
    fuzzy_match (2.0.4)
    gyoku (1.1.1)
      builder (>= 2.1.2)
>>>>>>> df2f39f... Run "rake bundle:update"
    httparty (0.12.0)
      json (~> 1.8)
      multi_xml (>= 0.5.2)
    json (1.8.1)
    little-plugger (1.1.3)
    logging (1.8.1)
      little-plugger (>= 1.1.3)
      multi_json (>= 1.3.6)
    moneta (0.7.20)
    multi_json (1.8.4)
    multi_xml (0.5.5)
<<<<<<< HEAD
>>>>>>> 5b838ce... initial commit
=======
    nori (2.3.0)
>>>>>>> df2f39f... Run "rake bundle:update"
    plist (3.1.0)
    terminal-notifier (1.5.1)

PLATFORMS
  ruby

DEPENDENCIES
<<<<<<< HEAD
  alfred-workflow
=======
  alfred-workflow (>= 1.1.1)
  httparty
  logging
>>>>>>> 5b838ce... initial commit
  plist
