GEM
  remote: https://rubygems.org/
  specs:
<<<<<<< HEAD
    alfred-workflow (1.8.0)
      plist (>= 3.1.0)
=======
    alfred-workflow (1.2.6)
      logging (~> 1.8.0)
      plist (~> 3.1.0)
    httparty (0.12.0)
      json (~> 1.8)
      multi_xml (>= 0.5.2)
    json (1.8.1)
    little-plugger (1.1.3)
    logging (1.8.1)
      little-plugger (>= 1.1.3)
      multi_json (>= 1.3.6)
    multi_json (1.7.2)
    multi_xml (0.5.5)
>>>>>>> 5b838ce... initial commit
    plist (3.1.0)

PLATFORMS
  ruby

DEPENDENCIES
<<<<<<< HEAD
  alfred-workflow
=======
  alfred-workflow (>= 1.1.1)
  httparty
  logging
>>>>>>> 5b838ce... initial commit
  plist
